GEM
  remote: https://rubygems.org/
  specs:
    power_assert (1.0.1)
    rack (1.6.5)
    rack-protection (1.5.3)
      rack
    rack-test (0.6.3)
      rack (>= 1.0)
    rake (12.0.0)
    sinatra (1.4.8)
      rack (~> 1.5)
      rack-protection (~> 1.4)
      tilt (>= 1.3, < 3)
    test-unit (3.2.3)
      power_assert
    tilt (2.0.7)

PLATFORMS
  ruby

DEPENDENCIES
  rack-test
  rake
  sinatra
  test-unit

BUNDLED WITH
   1.13.7
